GEM
  remote: http://rubygems.org/
  specs:
    glassfish (1.0.3-java)
      rack (>= 0.4.0)
    rack (1.3.2)
    rake (0.9.2)
    sinatra (1.2.6)
      rack (~> 1.1)
      tilt (>= 1.2.2, < 2.0)
    tilt (1.3.2)

PLATFORMS
  java

DEPENDENCIES
  glassfish
  rake
  sinatra
